PATH
  remote: .
  specs:
    whatmask (1.0.9)

GEM
  remote: https://rubygems.org/
  specs:
    codeclimate-test-reporter (1.0.7)
      simplecov
    diff-lcs (1.5.0)
    docile (1.4.0)
    io-console (0.6.0)
    irb (1.6.2)
      reline (>= 0.3.0)
    kramdown (2.4.0)
      rexml
    rake (13.0.6)
    reline (0.3.2)
      io-console (~> 0.5)
    rexml (3.2.5)
    rspec (3.12.0)
      rspec-core (~> 3.12.0)
      rspec-expectations (~> 3.12.0)
      rspec-mocks (~> 3.12.0)
    rspec-core (3.12.0)
      rspec-support (~> 3.12.0)
    rspec-expectations (3.12.1)
      diff-lcs (>= 1.2.0, < 2.0)
      rspec-support (~> 3.12.0)
    rspec-mocks (3.12.1)
      diff-lcs (>= 1.2.0, < 2.0)
      rspec-support (~> 3.12.0)
    rspec-support (3.12.0)
    rubygems-tasks (0.2.5)
      irb (~> 1.0)
    simplecov (0.22.0)
      docile (~> 1.1)
      simplecov-html (~> 0.11)
      simplecov_json_formatter (~> 0.1)
    simplecov-html (0.12.3)
    simplecov_json_formatter (0.1.4)
    webrick (1.7.0)
    yard (0.9.28)
      webrick (~> 1.7.0)

PLATFORMS
  arm64-darwin-21

DEPENDENCIES
  bundler (~> 2.3)
  codeclimate-test-reporter (~> 1.0.0)
  kramdown
  rake (~> 13.0.6)
  rspec (~> 3.12)
  rubygems-tasks (~> 0.2)
  simplecov (~> 0.21)
  whatmask!
  yard (~> 0.9)

BUNDLED WITH
   2.3.26
